GEM
  remote: https://rubygems.org/
  specs:
    power_assert (2.0.1)
    test-unit (3.4.5)
      power_assert

PLATFORMS
  x86_64-linux

DEPENDENCIES
  test-unit (~> 3.4, >= 3.4.5)

BUNDLED WITH
   2.2.26
